GEM
  remote: https://rubygems.org/
  specs:
    ffi (1.13.1)
    listen (3.3.3)
      rb-fsevent (~> 0.10, >= 0.10.3)
      rb-inotify (~> 0.9, >= 0.9.10)
    mustermann (1.1.1)
      ruby2_keywords (~> 0.0.1)
    pg (1.1.3)
    rack (2.2.6.2)
    rack-protection (2.0.4)
      rack
    rb-fsevent (0.10.4)
    rb-inotify (0.10.1)
      ffi (~> 1.0)
    rerun (0.13.0)
      listen (~> 3.0)
    ruby2_keywords (0.0.2)
    sinatra (2.0.4)
      mustermann (~> 1.0)
      rack (~> 2.0)
      rack-protection (= 2.0.4)
      tilt (~> 2.0)
    tilt (2.0.10)

PLATFORMS
  ruby

DEPENDENCIES
  pg (= 1.1.3)
  rerun (= 0.13.0)
  sinatra (= 2.0.4)

BUNDLED WITH
   2.1.2
